GEM
  remote: http://rubygems.org/
  specs:
    RedCloth (4.2.8)
    activesupport (3.0.7)
    albino (1.3.3)
      posix-spawn (>= 0.3.6)
    builder (3.0.0)
    chunky_png (1.2.5)
    classifier (1.3.3)
      fast-stemmer (>= 1.0.0)
    compass (0.11.5)
      chunky_png (~> 1.2)
      fssm (>= 0.2.7)
      sass (~> 3.1)
    cucumber (1.1.0)
      builder (>= 2.1.2)
      diff-lcs (>= 1.1.2)
      gherkin (~> 2.5.0)
      json (>= 1.4.6)
      term-ansicolor (>= 1.0.6)
    diff-lcs (1.1.3)
    directory_watcher (1.4.1)
    fast-stemmer (1.0.0)
    fssm (0.2.7)
    gherkin (2.5.1)
      json (>= 1.4.6)
    git (1.2.5)
    i18n (0.6.0)
    jekyll (0.11.0)
      albino (>= 1.3.2)
      classifier (>= 1.3.1)
      directory_watcher (>= 1.1.1)
      kramdown (>= 0.13.2)
      liquid (>= 1.9.0)
      maruku (>= 0.5.9)
    jeweler (1.6.4)
      bundler (~> 1.0)
      git (>= 1.2.5)
      rake
    json (1.6.1)
    kramdown (0.13.3)
    liquid (2.2.2)
    maruku (0.6.0)
      syntax (>= 1.0.0)
    posix-spawn (0.3.6)
    rake (0.9.2)
    rcov (0.9.10)
    rdiscount (1.6.8)
    rspec (2.6.0)
      rspec-core (~> 2.6.0)
      rspec-expectations (~> 2.6.0)
      rspec-mocks (~> 2.6.0)
    rspec-core (2.6.4)
    rspec-expectations (2.6.0)
      diff-lcs (~> 1.1.2)
    rspec-mocks (2.6.0)
    ruby-ip (0.9.0)
    sass (3.1.8)
    syntax (1.0.0)
    term-ansicolor (1.0.6)
    universal-access-log-parser (1.0.0)
      ruby-ip

PLATFORMS
  ruby

DEPENDENCIES
  RedCloth (~> 4.2.2)
  activesupport (~> 3.0.0)
  bundler (~> 1.0.0)
  compass (~> 0.11.5)
  cucumber
  i18n (>= 0.5.0)
  jekyll (~> 0.11.0)
  jeweler (~> 1.6.4)
  posix-spawn (~> 0.3.0)
  rake (~> 0.9.2)
  rcov
  rdiscount (~> 1.6.8)
  rspec (~> 2.6.0)
  universal-access-log-parser (~> 1.0.0)
